GEM
  remote: https://rubygems.org/
  specs:
    airbrussh (1.3.3)
      sshkit (>= 1.6.1, != 1.7.0)
    capistrano (3.11.0)
      airbrussh (>= 1.0.0)
      i18n
      rake (>= 10.0.0)
      sshkit (>= 1.9.0)
    concurrent-ruby (1.1.5)
    foreman (0.85.0)
      thor (~> 0.19.1)
    i18n (1.6.0)
      concurrent-ruby (~> 1.0)
    net-scp (2.0.0)
      net-ssh (>= 2.6.5, < 6.0.0)
    net-ssh (5.2.0)
    rake (12.3.3)
    sshkit (1.20.0)
      net-scp (>= 1.1.2)
      net-ssh (>= 2.8.0)
    thor (0.19.4)

PLATFORMS
  ruby

DEPENDENCIES
  capistrano
  foreman

BUNDLED WITH
   1.17.2
